GEM
  remote: https://rubygems.org/
  specs:
    cuba (3.1.0)
      rack
    json (1.7.7)
    mime-types (1.25)
    pg (0.17.0)
    puma (2.6.0)
      rack (>= 1.1, < 2.0)
    rack (1.5.2)
    rack-protection (1.5.0)
      rack
    rest-client (1.6.7)
      mime-types (>= 1.16)
    sequel (4.2.0)
    slim (2.0.1)
      temple (~> 0.6.6)
      tilt (>= 1.3.3, < 2.1)
    temple (0.6.6)
    tilt (1.4.1)
    will_paginate (3.0.5)

PLATFORMS
  ruby

DEPENDENCIES
  cuba
  json
  pg
  puma
  rack-protection
  rest-client
  sequel
  slim
  tilt
  will_paginate
